GEM
  remote: https://www.rubygems.org/
  specs:
    coderay (1.1.2)
    gmail (0.6.0)
      gmail_xoauth (>= 0.3.0)
      mail (>= 2.2.1)
    gmail_xoauth (0.4.2)
      oauth (>= 0.3.6)
    mail (2.6.6)
      mime-types (>= 1.16, < 4)
    method_source (0.8.2)
    mime-types (3.1)
      mime-types-data (~> 3.2015)
    mime-types-data (3.2016.0521)
    oauth (0.5.3)
    pry (0.10.4)
      coderay (~> 1.1.0)
      method_source (~> 0.8.1)
      slop (~> 3.4)
    pry-nav (0.2.4)
      pry (>= 0.9.10, < 0.11.0)
    rpi_gpio (0.3.3)
    slop (3.6.0)

PLATFORMS
  ruby

DEPENDENCIES
  gmail
  pry
  pry-nav
  rpi_gpio

BUNDLED WITH
   1.15.4
